PATH
  remote: .
  specs:
    kcna (0.1.0)
      httpclient (~> 2.8)
      oga (~> 2.10)

GEM
  remote: https://rubygems.org/
  specs:
    ansi (1.5.0)
    ast (2.3.0)
    coderay (1.1.1)
    httpclient (2.8.3)
    method_source (0.8.2)
    minitest (5.10.2)
    oga (2.10)
      ast
      ruby-ll (~> 2.1)
    pry (0.10.4)
      coderay (~> 1.1.0)
      method_source (~> 0.8.1)
      slop (~> 3.4)
    rake (10.5.0)
    ruby-ll (2.1.2)
      ansi
      ast
    slop (3.6.0)
    yard (0.9.9)

PLATFORMS
  ruby

DEPENDENCIES
  bundler (~> 1.15)
  kcna!
  minitest (~> 5.0)
  pry (~> 0.10)
  rake (~> 10.0)
  yard

BUNDLED WITH
   1.15.1
